GEM
  remote: http://rubygems.org/
  specs:
    aws-s3 (0.6.2)
      builder
      mime-types
      xml-simple
    builder (3.1.2)
    daemons (1.1.9)
    eventmachine (1.0.0)
    mime-types (1.19)
    multi_json (1.3.6)
    pg (0.14.1)
    rack (1.4.1)
    rack-instruments (0.1.7)
      slides (~> 0.1)
    rack-protection (1.2.0)
      rack
    rack-robots (0.1.1)
    rack-ssl (1.3.2)
      rack
    rack-test (0.6.2)
      rack (>= 1.0)
    rmagick (2.13.1)
    rr (1.0.4)
    sequel (3.38.0)
    sequel-instruments (0.1.0)
      slides (~> 0.1)
    sinatra (1.3.3)
      rack (~> 1.3, >= 1.3.6)
      rack-protection (~> 1.2)
      tilt (~> 1.3, >= 1.3.3)
    slides (0.1.7)
    thin (1.4.1)
      daemons (>= 1.0.9)
      eventmachine (>= 0.12.6)
      rack (>= 1.0.0)
    tilt (1.3.3)
    uuidtools (2.1.2)
    xml-simple (1.1.1)

PLATFORMS
  ruby

DEPENDENCIES
  aws-s3
  multi_json
  pg
  rack-instruments
  rack-robots
  rack-ssl
  rack-test
  rmagick
  rr
  sequel
  sequel-instruments
  sinatra
  slides
  thin
  uuidtools
